GEM
  remote: https://rubygems.org/
  specs:
    awesome_print (1.8.0)
    base32 (0.3.2)
    mustermann (1.0.3)
    rack (2.0.8)
    rack-protection (2.0.5)
      rack
    sinatra (2.0.5)
      mustermann (~> 1.0)
      rack (~> 2.0)
      rack-protection (= 2.0.5)
      tilt (~> 2.0)
    sinatra-cors (1.1.0)
    tilt (2.0.9)

PLATFORMS
  ruby

DEPENDENCIES
  awesome_print
  base32
  sinatra
  sinatra-cors

BUNDLED WITH
   2.0.2
