GEM
  remote: https://rubygems.org/
  specs:
    awesome_print (1.8.0)
    base32 (0.3.2)
    mustermann (2.0.2)
      ruby2_keywords (~> 0.0.1)
    rack (2.2.4)
    rack-protection (2.2.3)
      rack
    ruby2_keywords (0.0.5)
    sinatra (2.2.3)
      mustermann (~> 2.0)
      rack (~> 2.2)
      rack-protection (= 2.2.3)
      tilt (~> 2.0)
    sinatra-cors (1.1.0)
    tilt (2.0.11)

PLATFORMS
  ruby

DEPENDENCIES
  awesome_print
  base32
  sinatra
  sinatra-cors

BUNDLED WITH
   2.0.2
